GEM
  remote: http://rubygems.org/
  specs:
    diff-lcs (1.2.4)
    rake (10.1.0)
    rdoc (4.1.0)
    rspec (2.14.1)
      rspec-core (~> 2.14.0)
      rspec-expectations (~> 2.14.0)
      rspec-mocks (~> 2.14.0)
    rspec-core (2.14.7)
    rspec-expectations (2.14.3)
      diff-lcs (>= 1.1.3, < 2.0)
    rspec-mocks (2.14.4)
    yard (0.8.7.2)

PLATFORMS
  java
  ruby

DEPENDENCIES
  bundler (~> 1.3)
  rake (~> 10.1)
  rdoc (~> 4.0)
  rspec (~> 2.14)
  yard (~> 0.8)
