GEM
  remote: http://rubygems.org/
  specs:
    addressable (2.3.5)
    coderay (1.1.0)
    diff-lcs (1.2.4)
    ffi (1.9.3-java)
    method_source (0.8.2)
    pry (0.9.12.6)
      coderay (~> 1.0)
      method_source (~> 0.8)
      slop (~> 3.4)
    pry (0.9.12.6-java)
      coderay (~> 1.0)
      method_source (~> 0.8)
      slop (~> 3.4)
      spoon (~> 0.0)
    pry-doc (0.6.0)
      pry (~> 0.9)
      yard (~> 0.8)
    pry-nav (0.2.3)
      pry (~> 0.9.10)
    rake (10.1.0)
    rdf (1.1.2.1)
    rdoc (4.1.0)
    rspec (2.14.1)
      rspec-core (~> 2.14.0)
      rspec-expectations (~> 2.14.0)
      rspec-mocks (~> 2.14.0)
    rspec-core (2.14.7)
    rspec-expectations (2.14.3)
      diff-lcs (>= 1.1.3, < 2.0)
    rspec-mocks (2.14.4)
    slop (3.5.0)
    spoon (0.0.4)
      ffi
    yard (0.8.7.2)

PLATFORMS
  java
  ruby

DEPENDENCIES
  addressable (~> 2.3)
  bundler (~> 1.3)
  pry
  pry-doc
  pry-nav
  rake (~> 10.1)
  rdf (~> 1.1)
  rdoc (~> 4.0)
  rspec (~> 2.14)
  yard (~> 0.8)
